RESTRICTION: == net45
NUGET
  remote: https://www.nuget.org/api/v2
    Aether (6.0)
    Chiron (4.1)
      Aether (>= 6.0)
      FParsec (>= 1.0.1)
      FSharp.Core (>= 3.1.2.1)
    EventStore.Client (4.0)
    EventStore.Client.Embedded (4.0)
      EventStore.Client (4.0)
    FParsec (1.0.1)
    FSharp.Core (4.2.1)
    Fuchu (0.6)
    NLog (4.0.1)
    NuGet.CommandLine (2.8.6)
    protobuf-net (2.0.0.668)
